GEM
  remote: https://rubygems.org/
  specs:
    jekyll-paginate (1.1.0)

PLATFORMS
  ruby
  x86_64-linux

DEPENDENCIES
  jekyll-paginate (~> 1.1.0)

BUNDLED WITH
   2.1.2
